PATH
  remote: .
  specs:
    mongo-store (0.1.1)
      mongo (>= 1.0.1)
      rack (~> 1.1.0)

GEM
  remote: http://rubygems.org/
  specs:
    bson (1.0.9)
    mongo (1.0.9)
      bson (>= 1.0.5)
    rack (1.1.0)
    rspec (1.3.0)
    yard (0.6.1)

PLATFORMS
  ruby

DEPENDENCIES
  mongo (>= 1.0.1)
  mongo-store!
  rack (~> 1.1.0)
  rspec (>= 1.2.9)
  yard
